GEM
  remote: http://rubygems.org/
  specs:
    RedCloth (4.2.9)
    addressable (2.3.4)
    autoparse (0.3.3)
      addressable (>= 2.3.1)
      extlib (>= 0.9.15)
      multi_json (>= 1.0.0)
    epubbery (0.2.0)
      RedCloth
      RedCloth
      linguistics
      linguistics
      liquid
      liquid
      rake
      uuid
      uuid
    extlib (0.9.16)
    faraday (0.8.7)
      multipart-post (~> 1.1)
    google-api-client (0.6.4)
      addressable (>= 2.3.2)
      autoparse (>= 0.3.3)
      extlib (>= 0.9.15)
      faraday (~> 0.8.4)
      jwt (>= 0.1.5)
      launchy (>= 2.1.1)
      multi_json (>= 1.0.0)
      signet (~> 0.4.5)
      uuidtools (>= 2.1.0)
    jwt (0.1.8)
      multi_json (>= 1.5)
    launchy (2.3.0)
      addressable (~> 2.3)
    linguistics (2.0.2)
      loggability (~> 0.5)
    liquid (2.5.0)
    loggability (0.6.1)
    macaddr (1.6.1)
      systemu (~> 2.5.0)
    multi_json (1.7.7)
    multipart-post (1.2.0)
    rake (0.9.6)
    signet (0.4.5)
      addressable (>= 2.2.3)
      faraday (~> 0.8.1)
      jwt (>= 0.1.5)
      multi_json (>= 1.0.0)
    systemu (2.5.2)
    uuid (2.3.7)
      macaddr (~> 1.0)
    uuidtools (2.1.4)

PLATFORMS
  ruby

DEPENDENCIES
  epubbery
  google-api-client
